GEM
  remote: http://rubygems.org/
  specs:
    activesupport (3.1.0)
      multi_json (~> 1.0)
    amqp (0.7.5)
      eventmachine
    diff-lcs (1.1.3)
    eventmachine (0.12.10)
    git (1.2.5)
    jeweler (1.6.4)
      bundler (~> 1.0)
      git (>= 1.2.5)
      rake
    macaddr (1.4.0)
      systemu (~> 2.2.0)
    multi_json (1.0.3)
    rake (0.9.2)
    rcov (0.9.10)
    rspec (2.3.0)
      rspec-core (~> 2.3.0)
      rspec-expectations (~> 2.3.0)
      rspec-mocks (~> 2.3.0)
    rspec-core (2.3.1)
    rspec-expectations (2.3.0)
      diff-lcs (~> 1.1.2)
    rspec-mocks (2.3.0)
    systemu (2.2.0)
    uuid (2.3.3)
      macaddr (~> 1.0)
    yard (0.6.8)

PLATFORMS
  ruby

DEPENDENCIES
  activesupport (>= 3.0.0)
  amqp (~> 0.7)
  bundler (~> 1.0.0)
  jeweler (~> 1.6.4)
  rcov
  rspec (~> 2.3.0)
  uuid (~> 2.3)
  yard (~> 0.6.0)
