GEM
  remote: http://rubygems.org/
  specs:
    ZenTest (4.6.2)
    activesupport (3.1.0)
      multi_json (~> 1.0)
    amq-client (0.8.3)
      amq-protocol (>= 0.8.0)
      eventmachine
    amq-protocol (0.8.0)
    amqp (0.8.0)
      amq-client (~> 0.8.3)
      amq-protocol (~> 0.8.0)
      eventmachine
    diff-lcs (1.1.3)
    eventmachine (0.12.10)
    git (1.2.5)
    jeweler (1.6.4)
      bundler (~> 1.0)
      git (>= 1.2.5)
      rake
    macaddr (1.4.0)
      systemu (~> 2.2.0)
    multi_json (1.0.3)
    rake (0.9.2)
    rspec (2.3.0)
      rspec-core (~> 2.3.0)
      rspec-expectations (~> 2.3.0)
      rspec-mocks (~> 2.3.0)
    rspec-core (2.3.1)
    rspec-expectations (2.3.0)
      diff-lcs (~> 1.1.2)
    rspec-mocks (2.3.0)
    simplecov (0.4.2)
      simplecov-html (~> 0.4.4)
    simplecov-html (0.4.5)
    systemu (2.2.0)
    uuid (2.3.4)
      macaddr (~> 1.0)
    yard (0.6.8)

PLATFORMS
  ruby

DEPENDENCIES
  ZenTest (~> 4.4)
  activesupport (>= 3.0.0)
  amqp (~> 0.8)
  bundler (~> 1.0.0)
  jeweler (~> 1.6.4)
  rspec (~> 2.3.0)
  simplecov (~> 0.4)
  uuid (~> 2.3)
  yard (~> 0.6.0)
